GIT
  remote: git://github.com/sinatra/sinatra.git
  revision: 911d95a6b0e4671c7ecc4d1cbdb4eba65a178bfe
  specs:
    sinatra (1.4.5)
      rack (~> 1.4)
      rack-protection (~> 1.4)
      tilt (>= 1.3, < 3)

GEM
  remote: http://rubygems.org/
  specs:
    mini_portile (0.6.2)
    nokogiri (1.6.6.2)
      mini_portile (~> 0.6.0)
    rack (1.6.0)
    rack-protection (1.5.3)
      rack
    tilt (2.0.1)

PLATFORMS
  ruby

DEPENDENCIES
  nokogiri
  sinatra!
